GEM
  remote: https://rubygems.org/
  specs:
    faraday (0.17.1)
      multipart-post (>= 1.2, < 3)
    json (2.2.0)
    multipart-post (2.1.1)
    smarter_csv (1.2.6)

PLATFORMS
  ruby

DEPENDENCIES
  faraday
  json
  smarter_csv

BUNDLED WITH
   2.0.2
